GEM
  remote: https://rubygems.org/
  specs:
    chunky_png (1.2.8)
    mini_magick (3.5.0)
      subexec (~> 0.2.1)
    rmagick (2.13.2)
    subexec (0.2.3)

PLATFORMS
  ruby

DEPENDENCIES
  chunky_png
  mini_magick
  rmagick
